GEM
  remote: https://rubygems.org/
  specs:
    colorize (0.8.1)
    moji (1.6)
    mojinizer (0.2.2)
      moji (~> 1.6)

PLATFORMS
  ruby

DEPENDENCIES
  colorize
  mojinizer

BUNDLED WITH
   1.15.3
